GIT
  remote: git://github.com/Aeon/instagram-ruby-gem.git
  revision: 7a7b3b4ecf74208c7707c9519b9e1d3293d1aab9
  specs:
    instagram (1.1.6)
      faraday (~> 0.9.2)
      faraday_middleware (~> 0.10.0)
      hashie (~> 3.4.3)
      multi_json (~> 1.11.2)

GEM
  remote: https://rubygems.org/
  specs:
    ast (2.4.0)
    awesome_print (1.6.1)
    backports (3.6.8)
    byebug (2.7.0)
      columnize (~> 0.3)
      debugger-linecache (~> 1.2)
    coderay (1.1.1)
    columnize (0.9.0)
    debugger-linecache (1.2.0)
    diff-lcs (1.2.5)
    dotenv (2.1.1)
    ethon (0.8.1)
      ffi (>= 1.3.0)
    faraday (0.9.2)
      multipart-post (>= 1.2, < 3)
    faraday_middleware (0.10.0)
      faraday (>= 0.7.4, < 0.10)
    ffi (1.11.1)
    hashie (3.4.6)
    jaro_winkler (1.5.4)
    method_source (0.8.2)
    multi_json (1.11.3)
    multipart-post (2.0.0)
    newrelic_rpm (4.2.0.334)
    parallel (1.19.1)
    parser (2.7.0.2)
      ast (~> 2.4.0)
    pry (0.10.4)
      coderay (~> 1.1.0)
      method_source (~> 0.8.1)
      slop (~> 3.4)
    pry-byebug (1.3.3)
      byebug (~> 2.7)
      pry (~> 0.10)
    rack (1.6.4)
    rack-protection (1.5.3)
      rack
    rack-test (0.6.3)
      rack (>= 1.0)
    rainbow (3.0.0)
    rdiscount (2.2.0.1)
    rspec (3.5.0)
      rspec-core (~> 3.5.0)
      rspec-expectations (~> 3.5.0)
      rspec-mocks (~> 3.5.0)
    rspec-core (3.5.4)
      rspec-support (~> 3.5.0)
    rspec-expectations (3.5.0)
      diff-lcs (>= 1.2.0, < 2.0)
      rspec-support (~> 3.5.0)
    rspec-mocks (3.5.0)
      diff-lcs (>= 1.2.0, < 2.0)
      rspec-support (~> 3.5.0)
    rspec-support (3.5.0)
    rubocop (0.79.0)
      jaro_winkler (~> 1.5.1)
      parallel (~> 1.10)
      parser (>= 2.7.0.1)
      rainbow (>= 2.2.2, < 4.0)
      ruby-progressbar (~> 1.7)
      unicode-display_width (>= 1.4.0, < 1.7)
    ruby-progressbar (1.10.1)
    shotgun (0.9.2)
      rack (>= 1.0)
    sinatra (1.4.7)
      rack (~> 1.5)
      rack-protection (~> 1.4)
      tilt (>= 1.3, < 3)
    sinatra-contrib (1.4.7)
      backports (>= 2.0)
      multi_json
      rack-protection
      rack-test
      sinatra (~> 1.4.0)
      tilt (>= 1.3, < 3)
    slop (3.6.0)
    tilt (2.0.5)
    typhoeus (1.0.1)
      ethon (>= 0.8.0)
    unicode-display_width (1.6.1)

PLATFORMS
  ruby

DEPENDENCIES
  awesome_print
  dotenv
  instagram!
  newrelic_rpm
  pry
  pry-byebug
  rdiscount
  rspec
  rubocop
  shotgun
  sinatra
  sinatra-contrib
  typhoeus

BUNDLED WITH
   1.15.1
